GIT
  remote: git@github.com:awesome-print/awesome_print.git
  revision: 8a7ff0aabacbebf694c3e27242809219a96d5a3b
  specs:
    awesome_print (1.9.2)

GEM
  remote: https://rubygems.org/
  specs:
    addressable (2.3.8)
    coderay (1.1.3)
    diff-lcs (1.6.2)
    domain_name (0.6.20240107)
    faraday (0.9.2)
      multipart-post (>= 1.2, < 3)
    hashie (5.0.0)
    http-accept (1.7.0)
    http-cookie (1.0.8)
      domain_name (~> 0.5)
    logger (1.7.0)
    method_source (1.1.0)
    mime-types (3.7.0)
      logger
      mime-types-data (~> 3.2025, >= 3.2025.0507)
    mime-types-data (3.2025.0722)
    multipart-post (2.4.1)
    mustermann (1.1.2)
      ruby2_keywords (~> 0.0.1)
    netrc (0.11.0)
    octokit (2.7.2)
      sawyer (~> 0.5.2)
    pry (0.15.2)
      coderay (~> 1.1)
      method_source (~> 1.0)
    rack (2.2.17)
    rack-protection (2.0.2)
      rack
    rest-client (2.1.0)
      http-accept (>= 1.7.0, < 2.0)
      http-cookie (>= 1.0.2, < 2.0)
      mime-types (>= 1.16, < 4.0)
      netrc (~> 0.8)
    rspec (3.13.1)
      rspec-core (~> 3.13.0)
      rspec-expectations (~> 3.13.0)
      rspec-mocks (~> 3.13.0)
    rspec-core (3.13.5)
      rspec-support (~> 3.13.0)
    rspec-expectations (3.13.5)
      diff-lcs (>= 1.2.0, < 2.0)
      rspec-support (~> 3.13.0)
    rspec-mocks (3.13.5)
      diff-lcs (>= 1.2.0, < 2.0)
      rspec-support (~> 3.13.0)
    rspec-support (3.13.4)
    ruby2_keywords (0.0.5)
    sawyer (0.5.5)
      addressable (~> 2.3.5)
      faraday (~> 0.8, < 0.10)
    sinatra (2.0.2)
      mustermann (~> 1.0)
      rack (~> 2.0)
      rack-protection (= 2.0.2)
      tilt (~> 2.0)
    tilt (2.6.1)

PLATFORMS
  arm64-darwin-24
  ruby

DEPENDENCIES
  awesome_print!
  hashie
  octokit (~> 2.0)
  pry
  rest-client
  rspec
  sinatra (= 2.0.2)

BUNDLED WITH
   2.7.1
